GEM
  remote: https://rubygems.org/
  specs:
    actionpack (6.1.3.1)
      actionview (= 6.1.3.1)
      activesupport (= 6.1.3.1)
      rack (~> 2.0, >= 2.0.9)
      rack-test (>= 0.6.3)
      rails-dom-testing (~> 2.0)
      rails-html-sanitizer (~> 1.0, >= 1.2.0)
    actionview (6.1.3.1)
      activesupport (= 6.1.3.1)
      builder (~> 3.1)
      erubi (~> 1.4)
      rails-dom-testing (~> 2.0)
      rails-html-sanitizer (~> 1.1, >= 1.2.0)
    activesupport (6.1.3.1)
      concurrent-ruby (~> 1.0, >= 1.0.2)
      i18n (>= 1.6, < 2)
      minitest (>= 5.1)
      tzinfo (~> 2.0)
      zeitwerk (~> 2.3)
    addressable (2.7.0)
      public_suffix (>= 2.0.2, < 5.0)
    bourbon (6.0.0)
      thor (~> 0.19)
    builder (3.2.4)
    coffee-script (2.4.1)
      coffee-script-source
      execjs
    coffee-script-source (1.12.2)
    concurrent-ruby (1.1.8)
    crass (1.0.6)
    dalli (1.0.5)
    descendants_tracker (0.0.4)
      thread_safe (~> 0.3, >= 0.3.1)
    erubi (1.10.0)
    execjs (2.7.0)
    faraday (1.3.0)
      faraday-net_http (~> 1.0)
      multipart-post (>= 1.2, < 3)
      ruby2_keywords
    faraday-net_http (1.0.1)
    ffi (1.15.0)
    github_api (0.19.0)
      addressable (~> 2.4)
      descendants_tracker (~> 0.0.4)
      faraday (>= 0.8, < 2)
      hashie (~> 3.5, >= 3.5.2)
      oauth2 (~> 1.0)
    haml (5.2.1)
      temple (>= 0.8.0)
      tilt
    hashie (3.6.0)
    i18n (1.8.10)
      concurrent-ruby (~> 1.0)
    jwt (2.2.2)
    loofah (2.9.1)
      crass (~> 1.0.2)
      nokogiri (>= 1.5.9)
    memcachier (0.0.2)
    mini_portile2 (2.5.0)
    minitest (5.14.4)
    multi_json (1.15.0)
    multi_xml (0.6.0)
    multipart-post (2.1.1)
    mustermann (1.1.1)
      ruby2_keywords (~> 0.0.1)
    neat (4.0.0)
      thor (~> 0.19)
    newrelic_rpm (6.15.0)
    nokogiri (1.11.3)
      mini_portile2 (~> 2.5.0)
      racc (~> 1.4)
    oauth2 (1.4.7)
      faraday (>= 0.8, < 2.0)
      jwt (>= 1.0, < 3.0)
      multi_json (~> 1.3)
      multi_xml (~> 0.5)
      rack (>= 1.2, < 3)
    powder (0.4.0)
      thor (>= 0.11.5)
    public_suffix (4.0.6)
    racc (1.5.2)
    rack (2.2.3)
    rack-google-analytics (1.2.0)
      actionpack
      activesupport
    rack-protection (2.1.0)
      rack
    rack-test (1.1.0)
      rack (>= 1.0, < 3)
    rails-dom-testing (2.0.3)
      activesupport (>= 4.2.0)
      nokogiri (>= 1.6)
    rails-html-sanitizer (1.3.0)
      loofah (~> 2.3)
    rake (13.0.3)
    rb-fsevent (0.10.4)
    rb-inotify (0.10.1)
      ffi (~> 1.0)
    ruby2_keywords (0.0.4)
    sass (3.7.4)
      sass-listen (~> 4.0.0)
    sass-listen (4.0.0)
      rb-fsevent (~> 0.9, >= 0.9.4)
      rb-inotify (~> 0.9, >= 0.9.7)
    sinatra (2.1.0)
      mustermann (~> 1.0)
      rack (~> 2.2)
      rack-protection (= 2.1.0)
      tilt (~> 2.0)
    temple (0.8.2)
    thor (0.20.3)
    thread_safe (0.3.6)
    tilt (2.0.10)
    tzinfo (2.0.4)
      concurrent-ruby (~> 1.0)
    zeitwerk (2.4.2)

PLATFORMS
  ruby

DEPENDENCIES
  bourbon
  bundler
  coffee-script
  dalli (~> 1.0.5)
  github_api
  haml
  memcachier
  neat
  newrelic_rpm
  powder
  rack-google-analytics
  rake
  sass
  sinatra

RUBY VERSION
   ruby 2.7.3p183

BUNDLED WITH
   2.2.16
